PATH
  remote: .
  specs:
    string_enum (0.1.0)
      activerecord (>= 3.0)

GEM
  remote: https://rubygems.org/
  specs:
    activemodel (7.0.3.1)
      activesupport (= 7.0.3.1)
    activerecord (7.0.3.1)
      activemodel (= 7.0.3.1)
      activesupport (= 7.0.3.1)
    activesupport (7.0.3.1)
      concurrent-ruby (~> 1.0, >= 1.0.2)
      i18n (>= 1.6, < 2)
      minitest (>= 5.1)
      tzinfo (~> 2.0)
    concurrent-ruby (1.1.10)
    i18n (1.12.0)
      concurrent-ruby (~> 1.0)
    minitest (5.11.3)
    rake (10.5.0)
    tzinfo (2.0.5)
      concurrent-ruby (~> 1.0)

PLATFORMS
  ruby

DEPENDENCIES
  bundler (~> 1.16)
  minitest (~> 5.0)
  rake (~> 10.0)
  string_enum!

BUNDLED WITH
   1.16.1
